PATH
  remote: .
  specs:
    gitlab-grack (2.0.0.pre)
      rack (~> 1.5.1)

GEM
  remote: https://rubygems.org/
  specs:
    metaclass (0.0.1)
    mocha (0.14.0)
      metaclass (~> 0.0.1)
    rack (1.5.2)
    rack-test (0.6.2)
      rack (>= 1.0)
    rake (10.1.0)

PLATFORMS
  ruby

DEPENDENCIES
  gitlab-grack!
  mocha (~> 0.11)
  rack-test
  rake
